GEM
  remote: http://rubygems.org/
  specs:
    daemons (1.1.9)
    eventmachine (1.0.3)
    mysql (2.9.1)
    pg (0.17.1)
    rack (1.3.3)
    redcarpet (2.2.2)
    sass (3.1.7)
    sequel (3.42.0)
    sinatra (1.2.6)
      rack (~> 1.1)
      tilt (>= 1.2.2, < 2.0)
      tilt (>= 1.2.2, < 2.0)
    slim (1.2.0)
      temple (~> 0.4.0)
      tilt (~> 1.3.3)
    sqlite3 (1.3.9)
    temple (0.4.0)
    thin (1.2.11)
      daemons (>= 1.0.9)
      eventmachine (>= 0.12.6)
      rack (>= 1.0.0)
    tilt (1.3.3)

PLATFORMS
  ruby

DEPENDENCIES
  mysql
  pg
  rack (= 1.3.3)
  redcarpet (= 2.2.2)
  sass (= 3.1.7)
  sequel (= 3.42.0)
  sinatra (= 1.2.6)
  slim (= 1.2.0)
  sqlite3
  temple (= 0.4.0)
  thin (= 1.2.11)
  tilt (= 1.3.3)
